GEM
  remote: https://rubygems.org/
  specs:
    ast (2.4.0)
    backport (1.1.2)
    benchmark (0.1.0)
    diff-lcs (1.3)
    e2mmap (0.1.0)
    jaro_winkler (1.5.4)
    maruku (0.7.3)
    mini_portile2 (2.4.0)
    mustermann (1.1.1)
      ruby2_keywords (~> 0.0.1)
    nokogiri (1.10.9)
      mini_portile2 (~> 2.4.0)
    parallel (1.19.1)
    parser (2.7.1.0)
      ast (~> 2.4.0)
    rack (2.2.2)
    rack-protection (2.0.8.1)
      rack
    rainbow (3.0.0)
    reverse_markdown (1.4.0)
      nokogiri
    rexml (3.2.4)
    rspec (3.9.0)
      rspec-core (~> 3.9.0)
      rspec-expectations (~> 3.9.0)
      rspec-mocks (~> 3.9.0)
    rspec-core (3.9.1)
      rspec-support (~> 3.9.1)
    rspec-expectations (3.9.1)
      diff-lcs (>= 1.2.0, < 2.0)
      rspec-support (~> 3.9.0)
    rspec-mocks (3.9.1)
      diff-lcs (>= 1.2.0, < 2.0)
      rspec-support (~> 3.9.0)
    rspec-support (3.9.2)
    rubocop (0.81.0)
      jaro_winkler (~> 1.5.1)
      parallel (~> 1.10)
      parser (>= 2.7.0.1)
      rainbow (>= 2.2.2, < 4.0)
      rexml
      ruby-progressbar (~> 1.7)
      unicode-display_width (>= 1.4.0, < 2.0)
    ruby-progressbar (1.10.1)
    ruby2_keywords (0.0.2)
    sinatra (2.0.8.1)
      mustermann (~> 1.0)
      rack (~> 2.0)
      rack-protection (= 2.0.8.1)
      tilt (~> 2.0)
    solargraph (0.38.6)
      backport (~> 1.1)
      benchmark
      bundler (>= 1.17.2)
      e2mmap
      jaro_winkler (~> 1.5)
      maruku (~> 0.7, >= 0.7.3)
      nokogiri (~> 1.9, >= 1.9.1)
      parser (~> 2.3)
      reverse_markdown (~> 1.0, >= 1.0.5)
      rubocop (~> 0.52)
      thor (~> 1.0)
      tilt (~> 2.0)
      yard (~> 0.9)
    thor (1.0.1)
    tilt (2.0.10)
    unicode-display_width (1.7.0)
    yard (0.9.24)

PLATFORMS
  ruby

DEPENDENCIES
  rspec
  rubocop
  sinatra
  solargraph

BUNDLED WITH
   2.1.4
